GEM
  remote: https://rubygems.org/
  specs:

PLATFORMS
  java

DEPENDENCIES

RUBY VERSION
   ruby 2.3.0p0 (jruby 9.1.2.0)

BUNDLED WITH
   1.12.5
